GEM
  remote: https://rubygems.org/
  specs:
    ansible-vault (0.2.1)
      oroku_saki (~> 1.1)
    ansible_spec (0.3.2)
      ansible-vault
      hostlist_expression
      inifile
      oj
      serverspec (>= 2.0.0)
      winrm
    base64 (0.2.0)
    bigdecimal (3.1.8)
    builder (3.3.0)
    diff-lcs (1.5.1)
    erubi (1.13.0)
    ffi (1.17.0-aarch64-linux-gnu)
    gssapi (1.3.1)
      ffi (>= 1.0.1)
    gyoku (1.4.0)
      builder (>= 2.1.2)
      rexml (~> 3.0)
    hostlist_expression (0.2.1)
    httpclient (2.8.3)
    inifile (3.0.0)
    little-plugger (1.1.4)
    logging (2.4.0)
      little-plugger (~> 1.1)
      multi_json (~> 1.14)
    multi_json (1.15.0)
    net-scp (4.0.0)
      net-ssh (>= 2.6.5, < 8.0.0)
    net-ssh (7.2.3)
    net-telnet (0.2.0)
    nori (2.7.0)
      bigdecimal
    oj (3.16.4)
      bigdecimal (>= 3.0)
    oroku_saki (1.1.2)
    rexml (3.3.1)
      strscan
    rspec (3.13.0)
      rspec-core (~> 3.13.0)
      rspec-expectations (~> 3.13.0)
      rspec-mocks (~> 3.13.0)
    rspec-core (3.13.0)
      rspec-support (~> 3.13.0)
    rspec-expectations (3.13.1)
      diff-lcs (>= 1.2.0, < 2.0)
      rspec-support (~> 3.13.0)
    rspec-its (1.3.0)
      rspec-core (>= 3.0.0)
      rspec-expectations (>= 3.0.0)
    rspec-mocks (3.13.1)
      diff-lcs (>= 1.2.0, < 2.0)
      rspec-support (~> 3.13.0)
    rspec-support (3.13.1)
    rubyntlm (0.6.5)
      base64
    serverspec (2.42.3)
      multi_json
      rspec (~> 3.0)
      rspec-its
      specinfra (~> 2.72)
    sfl (2.3)
    specinfra (2.89.0)
      net-scp
      net-ssh (>= 2.7)
      net-telnet
      sfl
    strscan (3.1.0)
    winrm (2.3.8)
      builder (>= 2.1.2)
      erubi (~> 1.8)
      gssapi (~> 1.2)
      gyoku (~> 1.0)
      httpclient (~> 2.2, >= 2.2.0.2)
      logging (>= 1.6.1, < 3.0)
      nori (~> 2.0)
      rexml (~> 3.0)
      rubyntlm (~> 0.6.0, >= 0.6.3)

PLATFORMS
  aarch64-linux

DEPENDENCIES
  ansible_spec

BUNDLED WITH
   2.3.27
